GEM
  remote: https://rubygems.org/
  specs:
    coderay (1.1.2)
    dotenv (2.2.2)
    method_source (0.9.0)
    pry (0.11.3)
      coderay (~> 1.1.0)
      method_source (~> 0.9.0)
    pry-doc (0.13.4)
      pry (~> 0.11)
      yard (~> 0.9.11)
    rake (12.3.1)
    yard (0.9.12)

PLATFORMS
  ruby

DEPENDENCIES
  bundler
  dotenv
  pry
  pry-doc
  rake

BUNDLED WITH
   1.16.0
